GEM
  remote: http://rubygems.org/
  specs:
    minitest (5.8.3)

PLATFORMS
  ruby
  x86-mingw32

DEPENDENCIES
  minitest
